GEM
  remote: https://rubygems.org/
  specs:
    nio4r (2.5.9)
    puma (6.3.0)
      nio4r (~> 2.0)
    rutie (0.0.4)

PLATFORMS
  arm64-darwin-22

DEPENDENCIES
  puma (~> 6.3)
  rutie (~> 0.0.3)

BUNDLED WITH
   2.4.10
